GEM
  remote: https://rubygems.org/
  specs:
    sorbet (0.5.5713)
      sorbet-static (= 0.5.5713)
    sorbet-runtime (0.5.5713)
    sorbet-static (0.5.5713-universal-darwin-14)

PLATFORMS
  ruby

DEPENDENCIES
  sorbet
  sorbet-runtime

BUNDLED WITH
   1.17.2
